GEM
  remote: http://rubygems.org/
  specs:
    activemodel (3.1.0)
      activesupport (= 3.1.0)
      bcrypt-ruby (~> 3.0.0)
      builder (~> 3.0.0)
      i18n (~> 0.6)
    activesupport (3.1.0)
      multi_json (~> 1.0)
    addressable (2.2.6)
    bcrypt-ruby (3.0.1)
    bson (1.4.0)
    bson_ext (1.4.0)
    builder (3.0.0)
    haml (3.1.3)
    heroku (2.8.4)
      launchy (>= 0.3.2)
      rest-client (~> 1.6.1)
      rubyzip
      term-ansicolor (~> 1.0.5)
    i18n (0.6.0)
    launchy (2.0.5)
      addressable (~> 2.2.6)
    mime-types (1.16)
    mongo (1.3.1)
      bson (>= 1.3.1)
    mongoid (2.2.1)
      activemodel (~> 3.0)
      mongo (< 1.4, >= 1.3)
      tzinfo (~> 0.3.22)
    multi_json (1.0.3)
    rack (1.3.3)
    rest-client (1.6.7)
      mime-types (>= 1.16)
    rubyzip (0.9.4)
    sinatra (1.2.6)
      rack (~> 1.1)
      tilt (< 2.0, >= 1.2.2)
    sinatra-cache (0.3.7)
      sinatra (>= 1.1.0)
      sinatra-outputbuffer (>= 0.1.0)
    sinatra-outputbuffer (0.1.0)
      sinatra (>= 1.0.a)
    sinatra-static-assets (1.0.0)
      sinatra (>= 1.1.0)
    term-ansicolor (1.0.6)
    tilt (1.3.3)
    tzinfo (0.3.29)

PLATFORMS
  ruby

DEPENDENCIES
  bcrypt-ruby
  bson_ext
  builder
  haml
  heroku
  mongoid
  sinatra
  sinatra-cache
  sinatra-static-assets
